GEM
  remote: https://rubygems.org/
  specs:
    erubis (2.7.0)
    rack (2.2.3)
    roda (3.24.0)
      rack
    tilt (2.0.9)

PLATFORMS
  ruby

DEPENDENCIES
  erubis
  roda
  tilt

BUNDLED WITH
   2.0.2
